GIT
  remote: https://github.com/asciidoctor/asciidoctor-pdf.git
  revision: 2701dcdb8ef665c304ba11184f37dabf04dc4e5a
  specs:
    asciidoctor-pdf (2.0.0.dev)
      asciidoctor (~> 2.0)
      concurrent-ruby (~> 1.1)
      prawn (~> 2.2.0)
      prawn-icon (~> 2.5.0)
      prawn-svg (~> 0.30.0)
      prawn-table (~> 0.2.0)
      prawn-templates (~> 0.1.0)
      safe_yaml (~> 1.0.0)
      thread_safe (~> 0.3.0)
      treetop (~> 1.6.0)
      ttfunk (~> 1.5.0, >= 1.5.1)

GEM
  remote: https://rubygems.org/
  specs:
    Ascii85 (1.1.0)
    addressable (2.7.0)
      public_suffix (>= 2.0.2, < 5.0)
    afm (0.2.2)
    asciidoctor (2.0.15)
    coderay (1.1.3)
    concurrent-ruby (1.1.8)
    css_parser (1.9.0)
      addressable
    hashery (2.1.2)
    pdf-core (0.7.0)
    pdf-reader (2.4.2)
      Ascii85 (~> 1.0)
      afm (~> 0.2.1)
      hashery (~> 2.0)
      ruby-rc4
      ttfunk
    polyglot (0.3.5)
    prawn (2.2.2)
      pdf-core (~> 0.7.0)
      ttfunk (~> 1.5)
    prawn-icon (2.5.0)
      prawn (>= 1.1.0, < 3.0.0)
    prawn-svg (0.30.0)
      css_parser (~> 1.6)
      prawn (>= 0.11.1, < 3)
    prawn-table (0.2.2)
      prawn (>= 1.3.0, < 3.0.0)
    prawn-templates (0.1.2)
      pdf-reader (~> 2.0)
      prawn (~> 2.2)
    public_suffix (4.0.6)
    pygments.rb (2.2.0)
    rake (13.0.3)
    ruby-rc4 (0.1.5)
    safe_yaml (1.0.5)
    thread_safe (0.3.6)
    treetop (1.6.11)
      polyglot (~> 0.3)
    ttfunk (1.5.1)

PLATFORMS
  x86_64-linux

DEPENDENCIES
  asciidoctor
  asciidoctor-pdf!
  coderay
  pygments.rb
  rake
  thread_safe

BUNDLED WITH
   2.2.17
